GIT
  remote: https://github.com/HTGovdocs/normalize.git
  revision: 10b9abf908069a2d57fe6533266447279638863f
  specs:
    normalize (0.4)

GIT
  remote: https://github.com/HTGovdocs/oclc_filter.git
  revision: a9c600240b85d501ce44817c9793af41c5b243f1
  specs:
    oclc_filter (0.1)
      dotenv
      google-api-client

GIT
  remote: https://github.com/HTGovdocs/registry.git
  revision: b35905986aae0da467cfafd2c59be8a9c6a8677b
  specs:
    registry (0.9.3)
      dotenv
      library_stdnums (~> 1.0.2)
      marc
      mongoid
      multi_json
      mysql2
      rspec
      traject

GIT
  remote: https://github.com/HTGovdocs/viaf.git
  revision: 86e5062d7eb16278aa16c6372f98be6addafe262
  specs:
    viaf (0.0.2)

GIT
  remote: https://github.com/traject/traject.git
  revision: ae1b703d8884b2e9c0043450fdc5544b6c18ca7a
  specs:
    traject (2.3.3)
      concurrent-ruby (>= 0.8.0)
      dot-properties (>= 0.1.1)
      hashie (~> 3.1)
      httpclient (~> 2.5)
      marc (~> 1.0)
      marc-fastxmlwriter (~> 1.0)
      slop (>= 3.4.5, < 4.0)
      yell

GEM
  remote: https://rubygems.org/
  specs:
    activemodel (4.2.8)
      activesupport (= 4.2.8)
      builder (~> 3.1)
    activesupport (4.2.8)
      i18n (~> 0.7)
      minitest (~> 5.1)
      thread_safe (~> 0.3, >= 0.3.4)
      tzinfo (~> 1.1)
    addressable (2.5.1)
      public_suffix (~> 2.0, >= 2.0.2)
    bson (3.2.6)
    builder (3.2.3)
    concurrent-ruby (1.0.5)
    connection_pool (2.2.1)
    declarative (0.0.9)
    declarative-option (0.1.0)
    diff-lcs (1.3)
    dot-properties (0.1.3)
    dotenv (2.2.0)
    faraday (0.12.0.1)
      multipart-post (>= 1.2, < 3)
    google-api-client (0.11.1)
      addressable (>= 2.5.1)
      googleauth (~> 0.5)
      httpclient (>= 2.8.1, < 3.0)
      mime-types (>= 3.0)
      representable (~> 3.0)
      retriable (>= 2.0, < 4.0)
    googleauth (0.5.1)
      faraday (~> 0.9)
      jwt (~> 1.4)
      logging (~> 2.0)
      memoist (~> 0.12)
      multi_json (~> 1.11)
      os (~> 0.9)
      signet (~> 0.7)
    hashie (3.5.5)
    htmlentities (4.3.4)
    httpclient (2.8.3)
    i18n (0.8.1)
    jwt (1.5.6)
    library_stdnums (1.0.2)
    little-plugger (1.1.4)
    logging (2.2.1)
      little-plugger (~> 1.1)
      multi_json (~> 1.10)
    marc (1.0.0)
      scrub_rb (>= 1.0.1, < 2)
      unf
    marc-fastxmlwriter (1.0.0)
      marc (~> 1.0)
    memoist (0.15.0)
    mime-types (3.1)
      mime-types-data (~> 3.2015)
    mime-types-data (3.2016.0521)
    minitest (5.10.1)
    mongo (2.1.2)
      bson (~> 3.0)
    mongoid (5.1.6)
      activemodel (~> 4.0)
      mongo (~> 2.1)
      origin (~> 2.2)
      tzinfo (>= 0.3.37)
    moped (2.0.7)
      bson (~> 3.0)
      connection_pool (~> 2.0)
      optionable (~> 0.2.0)
    multi_json (1.12.1)
    multipart-post (2.0.0)
    mysql2 (0.4.5)
    optionable (0.2.0)
    origin (2.3.0)
    os (0.9.6)
    public_suffix (2.0.5)
    rake (12.0.0)
    representable (3.0.3)
      declarative (< 0.1.0)
      declarative-option (< 0.2.0)
      uber (< 0.2.0)
    retriable (3.0.1)
    rspec (3.5.0)
      rspec-core (~> 3.5.0)
      rspec-expectations (~> 3.5.0)
      rspec-mocks (~> 3.5.0)
    rspec-core (3.5.4)
      rspec-support (~> 3.5.0)
    rspec-expectations (3.5.0)
      diff-lcs (>= 1.2.0, < 2.0)
      rspec-support (~> 3.5.0)
    rspec-mocks (3.5.0)
      diff-lcs (>= 1.2.0, < 2.0)
      rspec-support (~> 3.5.0)
    rspec-support (3.5.0)
    rubyzip (1.2.1)
    scrub_rb (1.0.1)
    signet (0.7.3)
      addressable (~> 2.3)
      faraday (~> 0.9)
      jwt (~> 1.5)
      multi_json (~> 1.10)
    slop (3.6.0)
    thread_safe (0.3.6)
    tzinfo (1.2.3)
      thread_safe (~> 0.1)
    uber (0.1.0)
    unf (0.1.4)
      unf_ext
    unf_ext (0.0.7.2)
    yell (2.0.7)

PLATFORMS
  ruby

DEPENDENCIES
  dotenv
  htmlentities
  mongo
  moped
  multi_json
  normalize!
  oclc_filter!
  rake
  registry!
  rspec
  rubyzip
  traject!
  viaf!

BUNDLED WITH
   1.10.6
