GIT
  remote: git@github.com:Hathitrust/feddocs_oclc_authoritative.git
  revision: e926d76562a10b0d6c53c44becf6a8c9389a1c78
  specs:
    oclc_authoritative (0.1)
      dotenv
      mongoid

GIT
  remote: https://github.com/Hathitrust/feddocs_ecmangle.git
  revision: 27d04591ed09e73ae56004f41e9d4523f94f7b18
  specs:
    ecmangle (0.15)

GIT
  remote: https://github.com/Hathitrust/feddocs_filter.git
  revision: f23f5725e5b130f901af4cff949fa72f2fe53a78
  specs:
    filter (0.6)
      dotenv
      google-api-client (= 0.11.2)

GIT
  remote: https://github.com/Hathitrust/feddocs_nauth.git
  revision: 13c1c4b08232d55683a3baaa39f89fb152e491b9
  specs:
    nauth (0.3.0)
      dotenv

GIT
  remote: https://github.com/Hathitrust/feddocs_normalize.git
  revision: 10b9abf908069a2d57fe6533266447279638863f
  specs:
    normalize (0.4)

GIT
  remote: https://github.com/Hathitrust/feddocs_registry.git
  revision: aaa38b102bc84d8748c2d0d5febb91671c331cb3
  specs:
    registry (0.22.1)
      dotenv
      library_stdnums (~> 1.0.2)
      marc
      mongoid
      multi_json
      mysql2
      rspec
      traject

GEM
  remote: https://rubygems.org/
  specs:
    activemodel (6.1.4)
      activesupport (= 6.1.4)
    activesupport (6.1.4)
      concurrent-ruby (~> 1.0, >= 1.0.2)
      i18n (>= 1.6, < 2)
      minitest (>= 5.1)
      tzinfo (~> 2.0)
      zeitwerk (~> 2.3)
    addressable (2.8.0)
      public_suffix (>= 2.0.2, < 5.0)
    bson (4.12.1)
    concurrent-ruby (1.1.9)
    declarative (0.0.20)
    diff-lcs (1.4.4)
    domain_name (0.5.20190701)
      unf (>= 0.0.5, < 1.0.0)
    dot-properties (0.1.3)
    dotenv (2.7.6)
    faraday (1.5.1)
      faraday-em_http (~> 1.0)
      faraday-em_synchrony (~> 1.0)
      faraday-excon (~> 1.1)
      faraday-httpclient (~> 1.0.1)
      faraday-net_http (~> 1.0)
      faraday-net_http_persistent (~> 1.1)
      faraday-patron (~> 1.0)
      multipart-post (>= 1.2, < 3)
      ruby2_keywords (>= 0.0.4)
    faraday-em_http (1.0.0)
    faraday-em_synchrony (1.0.0)
    faraday-excon (1.1.0)
    faraday-httpclient (1.0.1)
    faraday-net_http (1.0.1)
    faraday-net_http_persistent (1.2.0)
    faraday-patron (1.0.0)
    ffi (1.15.3)
    ffi-compiler (1.0.1)
      ffi (>= 1.0.0)
      rake
    google-api-client (0.11.2)
      addressable (>= 2.5.1)
      googleauth (~> 0.5)
      httpclient (>= 2.8.1, < 3.0)
      mime-types (>= 3.0)
      representable (~> 3.0)
      retriable (>= 2.0, < 4.0)
    googleauth (0.16.2)
      faraday (>= 0.17.3, < 2.0)
      jwt (>= 1.4, < 3.0)
      memoist (~> 0.16)
      multi_json (~> 1.11)
      os (>= 0.9, < 2.0)
      signet (~> 0.14)
    hashie (4.1.0)
    htmlentities (4.3.4)
    http (5.0.1)
      addressable (~> 2.3)
      http-cookie (~> 1.0)
      http-form_data (~> 2.2)
      llhttp-ffi (~> 0.3.0)
    http-cookie (1.0.4)
      domain_name (~> 0.5)
    http-form_data (2.3.0)
    httpclient (2.8.3)
    i18n (1.8.10)
      concurrent-ruby (~> 1.0)
    jwt (2.2.3)
    library_stdnums (1.0.2)
    llhttp-ffi (0.3.1)
      ffi-compiler (~> 1.0)
      rake (~> 13.0)
    marc (1.1.1)
      rexml
      scrub_rb (>= 1.0.1, < 2)
      unf
    marc-fastxmlwriter (1.0.0)
      marc (~> 1.0)
    memoist (0.16.2)
    mime-types (3.3.1)
      mime-types-data (~> 3.2015)
    mime-types-data (3.2021.0704)
    mini_portile2 (2.5.3)
    minitest (5.14.4)
    mongo (2.14.0)
      bson (>= 4.8.2, < 5.0.0)
    mongoid (7.3.0)
      activemodel (>= 5.1, < 6.2)
      mongo (>= 2.10.5, < 3.0.0)
    moped (1.5.3)
    multi_json (1.15.0)
    multipart-post (2.1.1)
    mysql2 (0.5.3)
    nokogiri (1.11.7)
      mini_portile2 (~> 2.5.0)
      racc (~> 1.4)
    os (1.1.1)
    public_suffix (4.0.6)
    racc (1.5.2)
    rake (13.0.6)
    representable (3.1.1)
      declarative (< 0.1.0)
      trailblazer-option (>= 0.1.1, < 0.2.0)
      uber (< 0.2.0)
    retriable (3.1.2)
    rexml (3.2.5)
    rspec (3.10.0)
      rspec-core (~> 3.10.0)
      rspec-expectations (~> 3.10.0)
      rspec-mocks (~> 3.10.0)
    rspec-core (3.10.1)
      rspec-support (~> 3.10.0)
    rspec-expectations (3.10.1)
      diff-lcs (>= 1.2.0, < 2.0)
      rspec-support (~> 3.10.0)
    rspec-mocks (3.10.2)
      diff-lcs (>= 1.2.0, < 2.0)
      rspec-support (~> 3.10.0)
    rspec-support (3.10.2)
    ruby2_keywords (0.0.4)
    rubyzip (2.3.2)
    scrub_rb (1.0.1)
    signet (0.15.0)
      addressable (~> 2.3)
      faraday (>= 0.17.3, < 2.0)
      jwt (>= 1.5, < 3.0)
      multi_json (~> 1.10)
    slop (4.9.1)
    trailblazer-option (0.1.1)
    traject (3.6.0)
      concurrent-ruby (>= 0.8.0)
      dot-properties (>= 0.1.1)
      hashie (>= 3.1, < 5)
      http (>= 3.0, < 6)
      httpclient (~> 2.5)
      marc (~> 1.0)
      marc-fastxmlwriter (~> 1.0)
      nokogiri (~> 1.9)
      slop (~> 4.0)
      yell
    tzinfo (2.0.4)
      concurrent-ruby (~> 1.0)
    uber (0.1.0)
    unf (0.1.4)
      unf_ext
    unf_ext (0.0.7.7)
    yell (2.2.2)
    zeitwerk (2.4.2)

PLATFORMS
  ruby

DEPENDENCIES
  dotenv
  ecmangle!
  filter!
  google-api-client (= 0.11.2)
  htmlentities
  mongo
  moped
  multi_json
  nauth!
  normalize!
  oclc_authoritative!
  rake
  registry!
  rspec
  rubyzip
  traject

BUNDLED WITH
   2.0.2
